GEM
  remote: http://rubygems.org/
  specs:
    sass (3.1.19)

PLATFORMS
  ruby

DEPENDENCIES
  sass
